GEM
  remote: https://rubygems.org/
  specs:
    bson (4.12.1)
    faraday (1.4.2)
      faraday-em_http (~> 1.0)
      faraday-em_synchrony (~> 1.0)
      faraday-excon (~> 1.1)
      faraday-net_http (~> 1.0)
      faraday-net_http_persistent (~> 1.1)
      multipart-post (>= 1.2, < 3)
      ruby2_keywords (>= 0.0.4)
    faraday-em_http (1.0.0)
    faraday-em_synchrony (1.0.0)
    faraday-excon (1.1.0)
    faraday-net_http (1.0.1)
    faraday-net_http_persistent (1.1.0)
    mongo (2.14.0)
      bson (>= 4.8.2, < 5.0.0)
    multipart-post (2.1.1)
    ruby2_keywords (0.0.4)

PLATFORMS
  x86_64-linux

DEPENDENCIES
  bson (~> 4.0)
  faraday (~> 1.4, >= 1.4.2)
  mongo (~> 2.14)

BUNDLED WITH
   2.2.7
